PATH
  remote: .
  specs:
    todo_v2 (1.0.0)
      activerecord (>= 3.2, < 7.1)
      sqlite3 (~> 1.3.0)

GEM
  remote: https://rubygems.org/
  specs:
    activemodel (7.0.4.1)
      activesupport (= 7.0.4.1)
    activerecord (7.0.4.1)
      activemodel (= 7.0.4.1)
      activesupport (= 7.0.4.1)
    activesupport (7.0.4.1)
      concurrent-ruby (~> 1.0, >= 1.0.2)
      i18n (>= 1.6, < 2)
      minitest (>= 5.1)
      tzinfo (~> 2.0)
    concurrent-ruby (1.1.10)
    i18n (1.12.0)
      concurrent-ruby (~> 1.0)
    minitest (5.17.0)
    rake (10.5.0)
    redcarpet (2.3.0)
    sqlite3 (1.3.13)
    tzinfo (2.0.5)
      concurrent-ruby (~> 1.0)
    yard (0.9.24)

PLATFORMS
  ruby

DEPENDENCIES
  bundler (~> 1.3)
  rake (~> 10.0)
  redcarpet (~> 2.2)
  todo_v2!
  yard (~> 0.8)
